GEM
  remote: http://rubygems.org/
  specs:
    Ascii85 (1.0.1)
    aaronh-chronic (0.3.9)
    actionmailer (2.3.12)
      actionpack (= 2.3.12)
    actionpack (2.3.12)
      activesupport (= 2.3.12)
      rack (~> 1.1.0)
    activerecord (2.3.12)
      activesupport (= 2.3.12)
    activeresource (2.3.12)
      activesupport (= 2.3.12)
    activesupport (2.3.12)
    addressable (2.3.2)
    airbrake (3.0.9)
      activesupport
      builder
    ar_mailer (1.5.1)
    authlogic (2.1.6)
      activesupport
    builder (3.0.0)
    chronic (0.5.0)
    cocaine (0.1.0)
    daemons (1.1.9)
    eventmachine (1.0.0)
    excon (0.16.7)
    fastercsv (1.5.4)
    has_many_polymorphs (2.13)
      activerecord
    heroku (2.33.0)
      heroku-api (~> 0.3.5)
      launchy (>= 0.3.2)
      netrc (~> 0.7.7)
      rest-client (~> 1.6.1)
      rubyzip
    heroku-api (0.3.5)
      excon (~> 0.16.1)
    hoptoad_notifier (2.4.11)
      activesupport
      builder
    icalendar (1.1.6)
    launchy (2.1.2)
      addressable (~> 2.3)
    mime-types (1.16)
    netrc (0.7.7)
    paperclip (2.3.15)
      activerecord (>= 2.3.0)
      activesupport (>= 2.3.2)
      cocaine (>= 0.0.2)
      mime-types
    pdf-reader (0.10.0)
      Ascii85 (~> 1.0.0)
    pg (0.13.2)
    prawn (0.11.1)
      pdf-reader (>= 0.9.0)
      ttfunk (~> 1.0.0)
    rack (1.1.2)
    rails (2.3.12)
      actionmailer (= 2.3.12)
      actionpack (= 2.3.12)
      activerecord (= 2.3.12)
      activeresource (= 2.3.12)
      activesupport (= 2.3.12)
      rake (>= 0.8.3)
    rake (0.9.2)
    rdoc (3.6.1)
    rest-client (1.6.7)
      mime-types (>= 1.16)
    ruby-net-ldap (0.0.4)
    rubyzip (0.9.9)
    sqlite3 (1.3.6)
    thin (1.5.0)
      daemons (>= 1.0.9)
      eventmachine (>= 0.12.6)
      rack (>= 1.0.0)
    ttfunk (1.0.1)
    vestal_versions (1.0.2)
      activerecord (>= 2.1.0)
    whenever (0.6.8)
      aaronh-chronic (>= 0.3.9)
      activesupport (>= 2.3.4)

PLATFORMS
  ruby

DEPENDENCIES
  airbrake
  ar_mailer
  authlogic
  chronic
  fastercsv
  has_many_polymorphs
  heroku
  hoptoad_notifier
  icalendar
  paperclip (~> 2.3.15)
  pg
  prawn
  rails (= 2.3.12)
  rdoc (~> 3.6.1)
  ruby-net-ldap
  sqlite3
  thin
  vestal_versions
  whenever
